GEM
  remote: https://rubygems.org/
  specs:
    diff-lcs (1.5.0)
    rake (13.0.6)
    rspec (3.12.0)
      rspec-core (~> 3.12.0)
      rspec-expectations (~> 3.12.0)
      rspec-mocks (~> 3.12.0)
    rspec-core (3.12.0)
      rspec-support (~> 3.12.0)
    rspec-expectations (3.12.0)
      diff-lcs (>= 1.2.0, < 2.0)
      rspec-support (~> 3.12.0)
    rspec-mocks (3.12.0)
      diff-lcs (>= 1.2.0, < 2.0)
      rspec-support (~> 3.12.0)
    rspec-support (3.12.0)

PLATFORMS
  arm64-darwin-21

DEPENDENCIES
  rake
  rspec

BUNDLED WITH
   2.2.33
